PATH
  remote: ../../Gems/consultoria_gem
  specs:
    consultoria (0.4.392)
      carrierwave (~> 2.0)
      carrierwave-base64 (~> 2.0)
      fog-aws (>= 3.6.6)
      paper_trail (= 11.1.0)
      pg_search (~> 2.0)
      rails (~> 5.2.4.5, >= 5.2.4.5)
      react-rails (= 2.6.0)
      webpacker (~> 4.2.0)

GEM
  remote: https://rubygems.org/
  specs:
    actioncable (5.2.4.6)
      actionpack (= 5.2.4.6)
      nio4r (~> 2.0)
      websocket-driver (>= 0.6.1)
    actionmailer (5.2.4.6)
      actionpack (= 5.2.4.6)
      actionview (= 5.2.4.6)
      activejob (= 5.2.4.6)
      mail (~> 2.5, >= 2.5.4)
      rails-dom-testing (~> 2.0)
    actionpack (5.2.4.6)
      actionview (= 5.2.4.6)
      activesupport (= 5.2.4.6)
      rack (~> 2.0, >= 2.0.8)
      rack-test (>= 0.6.3)
      rails-dom-testing (~> 2.0)
      rails-html-sanitizer (~> 1.0, >= 1.0.2)
    actionview (5.2.4.6)
      activesupport (= 5.2.4.6)
      builder (~> 3.1)
      erubi (~> 1.4)
      rails-dom-testing (~> 2.0)
      rails-html-sanitizer (~> 1.0, >= 1.0.3)
    activejob (5.2.4.6)
      activesupport (= 5.2.4.6)
      globalid (>= 0.3.6)
    activemodel (5.2.4.6)
      activesupport (= 5.2.4.6)
    activerecord (5.2.4.6)
      activemodel (= 5.2.4.6)
      activesupport (= 5.2.4.6)
      arel (>= 9.0)
    activestorage (5.2.4.6)
      actionpack (= 5.2.4.6)
      activerecord (= 5.2.4.6)
      marcel (~> 0.3.1)
    activesupport (5.2.4.6)
      concurrent-ruby (~> 1.0, >= 1.0.2)
      i18n (>= 0.7, < 2)
      minitest (~> 5.1)
      tzinfo (~> 1.1)
    acts_as_list (1.0.4)
      activerecord (>= 4.2)
    acts_as_paranoid (0.8.0)
      activerecord (>= 5.2, < 7.1)
      activesupport (>= 5.2, < 7.1)
    addressable (2.8.0)
      public_suffix (>= 2.0.2, < 5.0)
    arel (9.0.0)
    babel-source (5.8.35)
    babel-transpiler (0.7.0)
      babel-source (>= 4.0, < 6)
      execjs (~> 2.0)
    bcrypt (3.1.18)
    bindex (0.8.1)
    bootsnap (1.11.1)
      msgpack (~> 1.2)
    builder (3.2.4)
    bullet (7.0.1)
      activesupport (>= 3.0.0)
      uniform_notifier (~> 1.11)
    byebug (11.1.3)
    cancancan (3.3.0)
    carrierwave (2.2.0)
      activemodel (>= 5.0.0)
      activesupport (>= 5.0.0)
      addressable (~> 2.6)
      image_processing (~> 1.1)
      mimemagic (>= 0.3.0)
      mini_mime (>= 0.1.3)
      ssrf_filter (~> 1.0)
    carrierwave-base64 (2.8.1)
      carrierwave (>= 0.8.0)
      mime-types (~> 3.0)
      mimemagic (~> 0.3.2)
    concurrent-ruby (1.1.10)
    connection_pool (2.2.5)
    crass (1.0.6)
    devise (4.7.3)
      bcrypt (~> 3.0)
      orm_adapter (~> 0.1)
      railties (>= 4.1.0)
      responders
      warden (~> 1.2.3)
    dotenv (2.7.6)
    dotenv-rails (2.7.6)
      dotenv (= 2.7.6)
      railties (>= 3.2)
    erubi (1.10.0)
    erubis (2.7.0)
    excon (0.92.3)
    execjs (2.8.1)
    faker (2.21.0)
      i18n (>= 1.8.11, < 2)
    fast_jsonapi (1.5)
      activesupport (>= 4.2)
    ffi (1.15.5)
    fog-aws (3.14.0)
      fog-core (~> 2.1)
      fog-json (~> 1.1)
      fog-xml (~> 0.1)
    fog-core (2.3.0)
      builder
      excon (~> 0.71)
      formatador (>= 0.2, < 2.0)
      mime-types
    fog-json (1.2.0)
      fog-core
      multi_json (~> 1.10)
    fog-xml (0.1.4)
      fog-core
      nokogiri (>= 1.5.11, < 2.0.0)
    font-awesome-rails (4.7.0.8)
      railties (>= 3.2, < 8.0)
    formatador (1.1.0)
    globalid (1.0.0)
      activesupport (>= 5.0)
    haml (5.2.2)
      temple (>= 0.8.0)
      tilt
    haml-rails (2.0.1)
      actionpack (>= 5.1)
      activesupport (>= 5.1)
      haml (>= 4.0.6, < 6.0)
      html2haml (>= 1.0.1)
      railties (>= 5.1)
    html2haml (2.2.0)
      erubis (~> 2.7.0)
      haml (>= 4.0, < 6)
      nokogiri (>= 1.6.0)
      ruby_parser (~> 3.5)
    i18n (1.10.0)
      concurrent-ruby (~> 1.0)
    image_processing (1.12.2)
      mini_magick (>= 4.9.5, < 5)
      ruby-vips (>= 2.0.17, < 3)
    jbuilder (2.11.5)
      actionview (>= 5.0.0)
      activesupport (>= 5.0.0)
    listen (3.1.5)
      rb-fsevent (~> 0.9, >= 0.9.4)
      rb-inotify (~> 0.9, >= 0.9.7)
      ruby_dep (~> 1.2)
    loofah (2.18.0)
      crass (~> 1.0.2)
      nokogiri (>= 1.5.9)
    mail (2.7.1)
      mini_mime (>= 0.1.1)
    marcel (0.3.3)
      mimemagic (~> 0.3.2)
    method_source (1.0.0)
    mime-types (3.4.1)
      mime-types-data (~> 3.2015)
    mime-types-data (3.2022.0105)
    mimemagic (0.3.10)
      nokogiri (~> 1)
      rake
    mini_magick (4.11.0)
    mini_mime (1.1.2)
    minitest (5.15.0)
    msgpack (1.5.2)
    multi_json (1.15.0)
    nio4r (2.5.8)
    nokogiri (1.13.6-x86_64-linux)
      racc (~> 1.4)
    orm_adapter (0.5.0)
    paper_trail (11.1.0)
      activerecord (>= 5.2)
      request_store (~> 1.1)
    pg (1.3.5)
    pg_search (2.3.6)
      activerecord (>= 5.2)
      activesupport (>= 5.2)
    public_suffix (4.0.7)
    puma (5.6.4)
      nio4r (~> 2.0)
    racc (1.6.0)
    rack (2.2.3.1)
    rack-proxy (0.7.2)
      rack
    rack-test (1.1.0)
      rack (>= 1.0, < 3)
    rails (5.2.4.6)
      actioncable (= 5.2.4.6)
      actionmailer (= 5.2.4.6)
      actionpack (= 5.2.4.6)
      actionview (= 5.2.4.6)
      activejob (= 5.2.4.6)
      activemodel (= 5.2.4.6)
      activerecord (= 5.2.4.6)
      activestorage (= 5.2.4.6)
      activesupport (= 5.2.4.6)
      bundler (>= 1.3.0)
      railties (= 5.2.4.6)
      sprockets-rails (>= 2.0.0)
    rails-dom-testing (2.0.3)
      activesupport (>= 4.2.0)
      nokogiri (>= 1.6)
    rails-html-sanitizer (1.4.2)
      loofah (~> 2.3)
    railties (5.2.4.6)
      actionpack (= 5.2.4.6)
      activesupport (= 5.2.4.6)
      method_source
      rake (>= 0.8.7)
      thor (>= 0.19.0, < 2.0)
    rake (13.0.6)
    rb-fsevent (0.11.1)
    rb-inotify (0.10.1)
      ffi (~> 1.0)
    react-rails (2.6.0)
      babel-transpiler (>= 0.7.0)
      connection_pool
      execjs
      railties (>= 3.2)
      tilt
    request_store (1.5.1)
      rack (>= 1.4)
    responders (3.0.1)
      actionpack (>= 5.0)
      railties (>= 5.0)
    ruby-vips (2.1.4)
      ffi (~> 1.12)
    ruby_dep (1.5.0)
    ruby_parser (3.18.1)
      sexp_processor (~> 4.16)
    sass-rails (6.0.0)
      sassc-rails (~> 2.1, >= 2.1.1)
    sassc (2.4.0)
      ffi (~> 1.9)
    sassc-rails (2.1.2)
      railties (>= 4.0.0)
      sassc (>= 2.0)
      sprockets (> 3.0)
      sprockets-rails
      tilt
    sexp_processor (4.16.0)
    spring (2.1.1)
    spring-watcher-listen (2.0.1)
      listen (>= 2.7, < 4.0)
      spring (>= 1.2, < 3.0)
    sprockets (4.0.3)
      concurrent-ruby (~> 1.0)
      rack (> 1, < 3)
    sprockets-rails (3.4.2)
      actionpack (>= 5.2)
      activesupport (>= 5.2)
      sprockets (>= 3.0.0)
    ssrf_filter (1.0.7)
    temple (0.8.2)
    thor (1.2.1)
    thread_safe (0.3.6)
    tilt (2.0.10)
    turbolinks (5.2.1)
      turbolinks-source (~> 5.2)
    turbolinks-source (5.2.0)
    tzinfo (1.2.9)
      thread_safe (~> 0.1)
    uniform_notifier (1.16.0)
    warden (1.2.9)
      rack (>= 2.0.9)
    web-console (3.7.0)
      actionview (>= 5.0)
      activemodel (>= 5.0)
      bindex (>= 0.4.0)
      railties (>= 5.0)
    webpacker (4.2.2)
      activesupport (>= 4.2)
      rack-proxy (>= 0.6.1)
      railties (>= 4.2)
    websocket-driver (0.7.5)
      websocket-extensions (>= 0.1.0)
    websocket-extensions (0.1.5)
    will_paginate (3.3.1)

PLATFORMS
  x86_64-linux

DEPENDENCIES
  acts_as_list
  acts_as_paranoid
  bootsnap (>= 1.4.4)
  bullet
  byebug
  cancancan
  carrierwave
  consultoria!
  devise (= 4.7.3)
  dotenv-rails
  faker
  fast_jsonapi
  font-awesome-rails
  haml-rails (~> 2.0)
  jbuilder (~> 2.7)
  listen (>= 3.0.5, < 3.2)
  paper_trail
  pg (~> 1.1)
  pg_search
  puma (~> 5.0)
  rails (~> 5.2.4.5, >= 5.2.4.5)
  react-rails
  sass-rails (>= 6)
  spring
  spring-watcher-listen (~> 2.0.0)
  turbolinks (~> 5)
  tzinfo-data
  web-console (>= 3.3.0)
  webpacker (~> 4.2.0)
  will_paginate

RUBY VERSION
   ruby 2.6.5p114

BUNDLED WITH
   2.2.33
